GEM
  remote: https://rubygems.org/
  specs:
    aws-sdk (2.1.18)
      aws-sdk-resources (= 2.1.18)
    aws-sdk-core (2.1.18)
      jmespath (~> 1.0)
    aws-sdk-resources (2.1.18)
      aws-sdk-core (= 2.1.18)
    jmespath (1.0.2)
      multi_json (~> 1.0)
    json (1.8.3)
    multi_json (1.11.2)
    mysql2 (0.3.20)
    rake (10.4.2)

PLATFORMS
  ruby

DEPENDENCIES
  aws-sdk
  json
  mysql2
  rake

BUNDLED WITH
   1.10.6
